GEM
  remote: https://rubygems.org/
  specs:
    activemodel (3.2.11)
      activesupport (= 3.2.11)
      builder (~> 3.0.0)
    activerecord (3.2.11)
      activemodel (= 3.2.11)
      activesupport (= 3.2.11)
      arel (~> 3.0.2)
      tzinfo (~> 0.3.29)
    activesupport (3.2.11)
      i18n (~> 0.6)
      multi_json (~> 1.0)
    addressable (2.3.2)
    arel (3.0.2)
    backports (2.6.7)
    bourne (1.1.2)
      mocha (= 0.10.5)
    builder (3.0.4)
    coderay (1.0.8)
    crack (0.3.2)
    database_cleaner (0.9.1)
    descendants_tracker (0.0.1)
    diff-lcs (1.1.3)
    encode_with_alphabet (0.0.4)
    factory_girl (4.1.0)
      activesupport (>= 3.0.0)
    fdoc (0.2.7)
      json
      json-schema (>= 1.0.1)
      kramdown
    ffi (1.2.0)
    grape (0.2.6)
      activesupport
      builder
      hashie (~> 1.2)
      multi_json (>= 1.3.2)
      multi_xml (>= 0.5.2)
      rack
      rack-accept
      rack-mount
      virtus
    grape-swagger (0.3.0)
      grape (~> 0.2.0)
      kramdown
    guard (1.6.0)
      listen (>= 0.6.0)
      lumberjack (>= 1.0.2)
      pry (>= 0.9.10)
      thor (>= 0.14.6)
    guard-rspec (2.3.3)
      guard (>= 1.1)
      rspec (~> 2.11)
    hashie (1.2.0)
    hike (1.2.1)
    i18n (0.6.1)
    json (1.7.5)
    json-schema (1.1.1)
    kramdown (0.14.1)
    listen (0.6.0)
    lumberjack (1.0.2)
    metaclass (0.0.1)
    method_source (0.8.1)
    mocha (0.10.5)
      metaclass (~> 0.0.1)
    multi_json (1.5.0)
    multi_xml (0.5.2)
    newrelic-grape (1.1.0)
      grape
      newrelic_rpm
    newrelic_rpm (3.5.5.38)
    nokogiri (1.5.6)
    pg (0.14.1)
    pry (0.9.10)
      coderay (~> 1.0.5)
      method_source (~> 0.8)
      slop (~> 3.3.1)
    rack (1.5.2)
    rack-accept (0.4.5)
      rack (>= 0.4)
    rack-mount (0.8.3)
      rack (>= 1.0.0)
    rack-ssl-enforcer (0.2.5)
    rack-test (0.6.2)
      rack (>= 1.0)
    racksh (1.0.0)
      rack (>= 1.0)
      rack-test (>= 0.5)
    rake (10.0.3)
    rb-fsevent (0.9.3)
    rb-inotify (0.8.8)
      ffi (>= 0.5.0)
    representable (1.2.8)
      json
      nokogiri
    rerun (0.7.1)
      listen
    roar (0.11.4)
      representable (>= 1.2.8)
    rspec (2.12.0)
      rspec-core (~> 2.12.0)
      rspec-expectations (~> 2.12.0)
      rspec-mocks (~> 2.12.0)
    rspec-core (2.12.2)
    rspec-expectations (2.12.1)
      diff-lcs (~> 1.1.3)
    rspec-mocks (2.12.1)
    shoulda-matchers (1.4.2)
      activesupport (>= 3.0.0)
      bourne (~> 1.1.2)
    slop (3.3.3)
    sprockets (2.2.2)
      hike (~> 1.2)
      multi_json (~> 1.0)
      rack (~> 1.0)
      tilt (~> 1.1, != 1.3.0)
    sqlite3 (1.3.7)
    thor (0.16.0)
    tilt (1.3.3)
    tzinfo (0.3.35)
    vcr (2.4.0)
    virtus (0.5.4)
      backports (~> 2.6.1)
      descendants_tracker (~> 0.0.1)
    webmock (1.9.0)
      addressable (>= 2.2.7)
      crack (>= 0.1.7)

PLATFORMS
  ruby

DEPENDENCIES
  activerecord (~> 3.2.11)
  database_cleaner
  encode_with_alphabet
  factory_girl
  fdoc
  grape (~> 0.2.6)
  grape-swagger
  guard
  guard-rspec
  newrelic-grape
  newrelic_rpm
  pg
  rack (~> 1.5.2)
  rack-ssl-enforcer
  rack-test
  racksh
  rake
  rb-fsevent (~> 0.9.1)
  rb-inotify (~> 0.8.8)
  rerun
  roar
  rspec
  shoulda-matchers
  sprockets (~> 2.0)
  sqlite3
  vcr
  webmock
